PATH
  remote: .
  specs:
    deb-fog (0.1.0)
      fog (~> 1.21)
      thor (~> 0.18.0)

GEM
  remote: https://rubygems.org/
  specs:
    builder (3.2.2)
    excon (0.32.1)
    fog (1.21.0)
      fog-brightbox
      fog-core (~> 1.21, >= 1.21.1)
      fog-json
      nokogiri (~> 1.5, >= 1.5.11)
    fog-brightbox (0.0.1)
      fog-core
      fog-json
    fog-core (1.21.1)
      builder
      excon (~> 0.32)
      formatador (~> 0.2.0)
      mime-types
      net-scp (~> 1.1)
      net-ssh (>= 2.1.3)
    fog-json (1.0.0)
      multi_json (~> 1.0)
    formatador (0.2.4)
    mime-types (2.2)
    mini_portile (0.5.3)
    multi_json (1.9.2)
    net-scp (1.1.2)
      net-ssh (>= 2.6.5)
    net-ssh (2.8.0)
    nokogiri (1.6.1)
      mini_portile (~> 0.5.0)
    thor (0.18.1)

PLATFORMS
  ruby

DEPENDENCIES
  deb-fog!
